GEM
  remote: https://rubygems.org/
  specs:
    em-websocket (0.4.0)
      eventmachine (>= 0.12.9)
      http_parser.rb (~> 0.5.3)
    eventmachine (1.0.3)
    eventmachine (1.0.3-x86-mingw32)
    http_parser.rb (0.5.3)
    http_parser.rb (0.5.3-x86-mingw32)

PLATFORMS
  ruby
  x86-mingw32

DEPENDENCIES
  em-websocket

BUNDLED WITH
   1.10.6
